GEM
  remote: https://rubygems.org/
  specs:
    ast (2.4.0)
    coderay (1.1.2)
    jaro_winkler (1.5.1)
    method_source (0.9.2)
    parallel (1.12.1)
    parser (2.5.3.0)
      ast (~> 2.4.0)
    powerpack (0.1.2)
    pry (0.9.12.6)
      coderay (~> 1.0)
      method_source (~> 0.8)
      slop (~> 3.4)
    pry_debug (0.1.0)
      pry (~> 0.9.0)
    rainbow (3.0.0)
    rubocop (0.60.0)
      jaro_winkler (~> 1.5.1)
      parallel (~> 1.10)
      parser (>= 2.5, != 2.5.1.1)
      powerpack (~> 0.1)
      rainbow (>= 2.2.2, < 4.0)
      ruby-progressbar (~> 1.7)
      unicode-display_width (~> 1.4.0)
    ruby-progressbar (1.10.0)
    slop (3.6.0)
    unicode-display_width (1.4.0)

PLATFORMS
  ruby

DEPENDENCIES
  pry
  pry_debug
  rubocop

RUBY VERSION
   ruby 2.5.3p105

BUNDLED WITH
   1.17.1
